GEM
  remote: https://rubygems.org/
  specs:
    childprocess (0.5.3)
      ffi (~> 1.0, >= 1.0.11)
    ffi (1.4.0)
    json (1.8.0)
    multi_json (1.7.7)
    rake (10.0.4)
    rubygems-update (2.2.1)
    rubyzip (0.9.9)
    selenium-webdriver (2.35.1)
      childprocess (>= 0.2.5)
      multi_json (~> 1.0)
      rubyzip (< 1.0.0)
      websocket (~> 1.0.4)
    tal-test-runner (0.0.2.1411400911)
      json
      rake
      rubygems-update
      selenium-webdriver (<= 2.35.1)
    websocket (1.0.7)

PLATFORMS
  ruby

DEPENDENCIES
  tal-test-runner (>= 0.0.1)
